GIT
  remote: https://github.com/kochka/ruby_rpi_components
  revision: 9f24df6fe7f0c7b924ca401f7809e674bfd7add0
  specs:
    rpi_components (0.2.0)
      i2c-devices (~> 0.0.6)
      rpi_gpio (~> 0.3.2)

PATH
  remote: .
  specs:
    starter (0.1.0)
      open-weather-api
      rpi_components

GEM
  remote: https://rubygems.org/
  specs:
    coderay (1.1.2)
    domain_name (0.5.20170404)
      unf (>= 0.0.5, < 1.0.0)
    http-cookie (1.0.3)
      domain_name (~> 0.5)
    i2c-devices (0.0.6)
    method_source (0.9.0)
    mime-types (3.1)
      mime-types-data (~> 3.2015)
    mime-types-data (3.2016.0521)
    minitest (5.10.3)
    netrc (0.11.0)
    open-weather-api (0.0.7)
      rest-client (~> 2.0)
    pry (0.11.3)
      coderay (~> 1.1.0)
      method_source (~> 0.9.0)
    rake (10.5.0)
    rest-client (2.0.2)
      http-cookie (>= 1.0.2, < 2.0)
      mime-types (>= 1.16, < 4.0)
      netrc (~> 0.8)
    rpi_gpio (0.3.3)
    unf (0.1.4)
      unf_ext
    unf_ext (0.0.7.4)

PLATFORMS
  ruby

DEPENDENCIES
  bundler (~> 1.16)
  minitest (~> 5.0)
  pry
  rake (~> 10.0)
  rpi_components!
  starter!

BUNDLED WITH
   1.16.0
