GIT
  remote: https://github.com/kochka/ruby_rpi_components
  revision: 9f24df6fe7f0c7b924ca401f7809e674bfd7add0
  specs:
    rpi_components (0.2.0)
      i2c-devices (~> 0.0.6)
      rpi_gpio (~> 0.3.2)

PATH
  remote: .
  specs:
    starter (0.1.0)
      rpi_components

GEM
  remote: https://rubygems.org/
  specs:
    coderay (1.1.2)
    i2c-devices (0.0.6)
    method_source (0.9.0)
    minitest (5.10.3)
    pry (0.11.3)
      coderay (~> 1.1.0)
      method_source (~> 0.9.0)
    rake (13.0.1)
    rpi_gpio (0.3.3)

PLATFORMS
  ruby

DEPENDENCIES
  bundler (~> 1.16)
  minitest (~> 5.0)
  pry
  rake (~> 13.0)
  rpi_components!
  starter!

BUNDLED WITH
   1.16.0
